GEM
  remote: https://rubygems.org/
  specs:
    multi_json (1.13.1)
    pygments.rb (1.2.1)
      multi_json (>= 1.0.0)
    redcarpet (3.4.0)

PLATFORMS
  x64-mingw32

DEPENDENCIES
  pygments.rb
  redcarpet

BUNDLED WITH
   1.16.1
